GEM
  remote: http://rubygems.org/
  specs:
    activemodel (3.2.1)
      activesupport (= 3.2.1)
      builder (~> 3.0.0)
    activerecord (3.2.1)
      activemodel (= 3.2.1)
      activesupport (= 3.2.1)
      arel (~> 3.0.0)
      tzinfo (~> 0.3.29)
    activesupport (3.2.1)
      i18n (~> 0.6)
      multi_json (~> 1.0)
    arel (3.0.2)
    builder (3.0.4)
    childprocess (0.3.9)
      ffi (~> 1.0, >= 1.0.11)
    columnize (0.3.6)
    cucumber (1.3.3)
      builder (>= 2.1.2)
      diff-lcs (>= 1.1.3)
      gherkin (~> 2.12.0)
      multi_json (~> 1.7.5)
      multi_test (~> 0.0.1)
    data_magic (0.14)
      faker (>= 1.1.2)
      yml_reader (>= 0.2)
    database_cleaner (1.0.1)
    debugger (1.6.0)
      columnize (>= 0.3.1)
      debugger-linecache (~> 1.2.0)
      debugger-ruby_core_source (~> 1.2.1)
    debugger-linecache (1.2.0)
    debugger-ruby_core_source (1.2.2)
    diff-lcs (1.2.4)
    factory_girl (4.2.0)
      activesupport (>= 3.0.0)
    faker (1.1.2)
      i18n (~> 0.5)
    ffi (1.9.0-x86-mingw32)
    gherkin (2.12.0-x86-mingw32)
      multi_json (~> 1.3)
    i18n (0.6.4)
    multi_json (1.7.9)
    multi_test (0.0.1)
    mysql2 (0.3.11-x86-mingw32)
    page-object (0.9.0)
      page_navigation (>= 0.8)
      selenium-webdriver (>= 2.33.0)
      watir-webdriver (>= 0.6.4)
    page_navigation (0.9)
      data_magic (>= 0.14)
    rspec (2.14.0)
      rspec-core (~> 2.14.0)
      rspec-expectations (~> 2.14.0)
      rspec-mocks (~> 2.14.0)
    rspec-core (2.14.1)
    rspec-expectations (2.14.0)
      diff-lcs (>= 1.1.3, < 2.0)
    rspec-mocks (2.14.1)
    rubyzip (0.9.9)
    selenium-webdriver (2.33.0)
      childprocess (>= 0.2.5)
      multi_json (~> 1.0)
      rubyzip
      websocket (~> 1.0.4)
    sqlite3 (1.3.7-x86-mingw32)
    tzinfo (0.3.37)
    watir-webdriver (0.6.4)
      selenium-webdriver (>= 2.18.0)
    websocket (1.0.7)
    yml_reader (0.2)

PLATFORMS
  x86-mingw32

DEPENDENCIES
  activerecord (= 3.2.1)
  cucumber
  database_cleaner
  debugger
  factory_girl
  mysql2
  page-object
  rspec
  sqlite3
